GIT
  remote: git://github.com/gaissa/cowsay
  revision: 31df8f97741aa0c8d0d23dcc15ebdec96dc1d508
  specs:
    cowsay (0.2.0)

GEM
  remote: https://rubygems.org/
  specs:
    ansi (1.5.0)
    ast (2.1.0)
    oga (1.3.1)
      ast
      ruby-ll (~> 2.1)
    rack (1.6.4)
    rack-protection (1.5.3)
      rack
    ruby-ll (2.1.2)
      ansi
      ast
    sinatra (1.4.6)
      rack (~> 1.4)
      rack-protection (~> 1.4)
      tilt (>= 1.3, < 3)
    tilt (2.0.1)

PLATFORMS
  x86-mingw32

DEPENDENCIES
  cowsay!
  oga
  sinatra
